GEM
  remote: http://rubygems.org/
  specs:
    activesupport (3.0.7)
    bluecloth (2.1.0)
    haml (3.1.1)
    json (1.5.3)
    nokogiri (1.5.0)
    rack (1.2.2)
    roxml (3.1.6)
      activesupport (>= 2.3.0)
      nokogiri (>= 1.3.3)
    sinatra (1.2.3)
      rack (~> 1.1)
      tilt (>= 1.2.2, < 2.0)
    tilt (1.3)

PLATFORMS
  ruby

DEPENDENCIES
  bluecloth
  haml
  json
  roxml
  sinatra (= 1.2.3)
